NUGET
  remote: https://www.nuget.org/api/v2
    Mono.Cecil (0.9.6.4)
